PATH
  remote: .
  specs:
    can_has_state (0.3.2)
      activemodel (>= 4, < 6)
      activesupport (>= 4, < 6)

GEM
  remote: http://rubygems.org/
  specs:
    activemodel (5.1.1)
      activesupport (= 5.1.1)
    activesupport (5.1.1)
      concurrent-ruby (~> 1.0, >= 1.0.2)
      i18n (~> 0.7)
      minitest (~> 5.1)
      tzinfo (~> 1.1)
    ansi (1.5.0)
    builder (3.2.3)
    concurrent-ruby (1.0.5)
    i18n (0.8.1)
    minitest (5.10.2)
    minitest-reporters (1.1.14)
      ansi
      builder
      minitest (>= 5.0)
      ruby-progressbar
    ruby-progressbar (1.8.1)
    thread_safe (0.3.6)
    tzinfo (1.2.3)
      thread_safe (~> 0.1)

PLATFORMS
  ruby

DEPENDENCIES
  can_has_state!
  minitest
  minitest-reporters

BUNDLED WITH
   1.14.6
