PATH
  remote: .
  specs:
    can_has_state (0.2.2)
      activemodel (>= 3.2.8, < 5.0)
      activesupport (>= 3.2.8, < 5.0)

GEM
  remote: http://rubygems.org/
  specs:
    activemodel (4.0.0)
      activesupport (= 4.0.0)
      builder (~> 3.1.0)
    activesupport (4.0.0)
      i18n (~> 0.6, >= 0.6.4)
      minitest (~> 4.2)
      multi_json (~> 1.3)
      thread_safe (~> 0.1)
      tzinfo (~> 0.3.37)
    ansi (1.4.3)
    atomic (1.1.10)
    builder (3.1.4)
    i18n (0.6.4)
    minitest (4.7.5)
    multi_json (1.7.7)
    thread_safe (0.1.0)
      atomic
    turn (0.9.6)
      ansi
    tzinfo (0.3.37)

PLATFORMS
  ruby

DEPENDENCIES
  can_has_state!
  minitest (~> 4.2)
  turn
